GEM
  specs:
    aws-sdk-v1 (1.67.0)
      json (~> 1.4)
      nokogiri (~> 1)
    json (1.8.6)
    mini_portile2 (2.4.0)
    nokogiri (1.10.3)
      mini_portile2 (~> 2.4.0)
    open-uri-s3 (1.6.0)
      aws-sdk-v1

PLATFORMS
  ruby

DEPENDENCIES
  nokogiri
  open-uri-s3

BUNDLED WITH
   2.0.2
